GEM
  remote: http://rubygems.org/
  specs:
    addressable (2.8.1)
    ast (2.1.0)
    astrolabe (1.3.1)
      parser (~> 2.2)
    awesome_print (1.6.1)
    builder (3.2.2)
    codeclimate-test-reporter (0.4.8)
      simplecov (>= 0.7.1, < 1.0.0)
    crack (0.4.2)
      safe_yaml (~> 1.0.0)
    cucumber (2.1.0)
      builder (>= 2.1.2)
      cucumber-core (~> 1.3.0)
      diff-lcs (>= 1.1.3)
      gherkin3 (~> 3.1.0)
      multi_json (>= 1.7.5, < 2.0)
      multi_test (>= 0.1.2)
    cucumber-core (1.3.0)
      gherkin3 (~> 3.1.0)
    descendants_tracker (0.0.4)
      thread_safe (~> 0.3, >= 0.3.1)
    diff-lcs (1.2.5)
    docile (1.1.5)
    elasticsearch (1.0.14)
      elasticsearch-api (= 1.0.14)
      elasticsearch-transport (= 1.0.14)
    elasticsearch-api (1.0.14)
      multi_json
    elasticsearch-transport (1.0.14)
      faraday
      multi_json
    faraday (0.9.2)
      multipart-post (>= 1.2, < 3)
    gherkin3 (3.1.2)
    git (1.2.9.1)
    github_api (0.12.4)
      addressable (~> 2.8)
      descendants_tracker (~> 0.0.4)
      faraday (~> 0.8, < 0.10)
      hashie (>= 3.4)
      multi_json (>= 1.7.5, < 2.0)
      nokogiri (~> 1.6.6)
      oauth2
    hashdiff (0.2.2)
    hashie (3.4.3)
    highline (1.7.8)
    jeweler (2.0.1)
      builder
      bundler (>= 1.0)
      git (>= 1.2.5)
      github_api
      highline (>= 1.6.15)
      nokogiri (>= 1.5.10)
      rake
      rdoc
    json (1.8.3)
    jwt (1.5.2)
    mini_portile (0.6.2)
    multi_json (1.11.2)
    multi_test (0.1.2)
    multi_xml (0.5.5)
    multipart-post (2.0.0)
    nokogiri (1.6.6.2)
      mini_portile (~> 0.6.0)
    oauth2 (1.0.0)
      faraday (>= 0.8, < 0.10)
      jwt (~> 1.0)
      multi_json (~> 1.3)
      multi_xml (~> 0.5)
      rack (~> 1.2)
    parser (2.2.3.0)
      ast (>= 1.1, < 3.0)
    powerpack (0.1.1)
    rack (1.6.4)
    rainbow (2.0.0)
    rake (10.4.2)
    rdoc (4.2.0)
    rspec (3.3.0)
      rspec-core (~> 3.3.0)
      rspec-expectations (~> 3.3.0)
      rspec-mocks (~> 3.3.0)
    rspec-core (3.3.2)
      rspec-support (~> 3.3.0)
    rspec-expectations (3.3.1)
      diff-lcs (>= 1.2.0, < 2.0)
      rspec-support (~> 3.3.0)
    rspec-mocks (3.3.2)
      diff-lcs (>= 1.2.0, < 2.0)
      rspec-support (~> 3.3.0)
    rspec-support (3.3.0)
    rubocop (0.34.2)
      astrolabe (~> 1.3)
      parser (>= 2.2.2.5, < 3.0)
      powerpack (~> 0.1)
      rainbow (>= 1.99.1, < 3.0)
      ruby-progressbar (~> 1.4)
    ruby-progressbar (1.7.5)
    safe_yaml (1.0.4)
    simplecov (0.10.0)
      docile (~> 1.1.0)
      json (~> 1.8)
      simplecov-html (~> 0.10.0)
    simplecov-html (0.10.0)
    thread_safe (0.3.5)
    vcr (2.9.3)
    webmock (1.22.2)
      addressable (>= 2.3.6)
      crack (>= 0.3.2)
      hashdiff
    yard (0.8.7.6)

PLATFORMS
  ruby

DEPENDENCIES
  addressable (~> 2.8.1)
  awesome_print (~> 1.6.1)
  bundler (~> 1.0)
  codeclimate-test-reporter
  cucumber
  elasticsearch (~> 1.0.14)
  jeweler (~> 2.0.1)
  rspec (~> 3.3.0)
  rubocop (~> 0.34.2)
  vcr (~> 2.9.3)
  webmock (~> 1.22.2)
  yard (~> 0.7)

BUNDLED WITH
   1.10.6
